GEM
  remote: http://rubygems.org/
  specs:
    ffi (1.0.11)
    git (1.2.5)
    guard (0.9.3)
      ffi (>= 0.5.0)
      thor (~> 0.14.6)
    guard-test (0.4.3)
      guard (>= 0.4)
      test-unit (~> 2.2)
    jeweler (1.6.4)
      bundler (~> 1.0)
      git (>= 1.2.5)
      rake
    rake (0.9.2.2)
    rake-compiler (0.7.9)
      rake
    redcarpet (1.17.2)
    shoulda (2.11.3)
    test-unit (2.4.3)
    thor (0.14.6)
    yard (0.7.4)

PLATFORMS
  ruby
  x86-mingw32

DEPENDENCIES
  bundler (~> 1.0.0)
  guard-test (~> 0.4.0)
  jeweler (~> 1.6.4)
  rake-compiler (~> 0.7)
  redcarpet (~> 1.0)
  shoulda (~> 2.11)
  yard (~> 0.7)
