GEM
  remote: http://rubygems.org/
  specs:
    git (1.2.5)
    jeweler (1.6.4)
      bundler (~> 1.0)
      git (>= 1.2.5)
      rake
    rake (0.9.2.2)
    rake-compiler (0.8.0)
      rake
    redcarpet (1.17.2)
    shoulda (2.11.3)
    yard (0.7.4)

PLATFORMS
  ruby
  x86-mingw32

DEPENDENCIES
  jeweler (~> 1.6.4)
  rake (~> 0.9)
  rake-compiler (~> 0.8)
  redcarpet (~> 1.0)
  shoulda (~> 2.11)
  yard (~> 0.7)
